GEM
  remote: https://rubygems.org/
  specs:
    coderay (1.1.3)
    colorize (1.1.0)
    diff-lcs (1.6.0)
    domain_name (0.6.20240107)
    faraday (2.12.2)
      faraday-net_http (>= 2.0, < 3.5)
      json
      logger
    faraday-cookie_jar (0.0.7)
      faraday (>= 0.8.0)
      http-cookie (~> 1.0.0)
    faraday-net_http (3.4.0)
      net-http (>= 0.5.0)
    green_day (1.1.0)
      colorize
      faraday
      faraday-cookie_jar
      nokogiri
      thor
    http-cookie (1.0.8)
      domain_name (~> 0.5)
    json (2.10.1)
    logger (1.6.6)
    method_source (1.1.0)
    net-http (0.6.0)
      uri
    nokogiri (1.18.3-arm64-darwin)
      racc (~> 1.4)
    pry (0.15.2)
      coderay (~> 1.1)
      method_source (~> 1.0)
    racc (1.8.1)
    rspec (3.13.0)
      rspec-core (~> 3.13.0)
      rspec-expectations (~> 3.13.0)
      rspec-mocks (~> 3.13.0)
    rspec-core (3.13.3)
      rspec-support (~> 3.13.0)
    rspec-expectations (3.13.3)
      diff-lcs (>= 1.2.0, < 2.0)
      rspec-support (~> 3.13.0)
    rspec-mocks (3.13.2)
      diff-lcs (>= 1.2.0, < 2.0)
      rspec-support (~> 3.13.0)
    rspec-support (3.13.2)
    thor (1.3.2)
    uri (1.0.3)

PLATFORMS
  arm64-darwin-22

DEPENDENCIES
  green_day
  pry
  rspec

BUNDLED WITH
   2.5.9
